GEM
  remote: https://rubygems.org/
  specs:
    amq-protocol (2.1.0)
    backports (3.6.8)
    bunny (2.6.3)
      amq-protocol (>= 2.0.1)
    celluloid (0.16.0)
      timers (~> 4.0.0)
    celluloid-io (0.16.2)
      celluloid (>= 0.16.0)
      nio4r (>= 1.1.0)
    dotenv (2.2.0)
    hitimes (1.2.4)
    ipaddress (0.8.3)
    json (2.0.3)
    multi_json (1.12.1)
    mysql2 (0.4.5)
    nio4r (2.0.0)
    rack (1.6.5)
    rack-protection (1.5.3)
      rack
    rack-test (0.6.3)
      rack (>= 1.0)
    rubydns (1.0.3)
      celluloid (= 0.16.0)
      celluloid-io (= 0.16.2)
      timers (~> 4.0.1)
    sequel (4.43.0)
    sinatra (1.4.8)
      rack (~> 1.5)
      rack-protection (~> 1.4)
      tilt (>= 1.3, < 3)
    sinatra-contrib (1.4.7)
      backports (>= 2.0)
      multi_json
      rack-protection
      rack-test
      sinatra (~> 1.4.0)
      tilt (>= 1.3, < 3)
    tilt (2.0.6)
    timers (4.0.4)
      hitimes

PLATFORMS
  ruby

DEPENDENCIES
  bunny
  dotenv
  ipaddress
  json
  mysql2
  rubydns
  sequel
  sinatra
  sinatra-contrib

BUNDLED WITH
   1.14.4
