GEM
  remote: https://rubygems.org/
  specs:
    celluloid (0.16.0)
      timers (~> 4.0.0)
    celluloid-io (0.16.2)
      celluloid (>= 0.16.0)
      nio4r (>= 1.1.0)
    daemons (1.2.4)
    dotenv (2.1.1)
    eventmachine (1.2.1)
    hitimes (1.2.4)
    mysql2 (0.4.5)
    nio4r (1.2.1)
    rack (1.6.5)
    rack-protection (1.5.3)
      rack
    rubydns (1.0.3)
      celluloid (= 0.16.0)
      celluloid-io (= 0.16.2)
      timers (~> 4.0.1)
    sequel (4.41.0)
    sinatra (1.4.7)
      rack (~> 1.5)
      rack-protection (~> 1.4)
      tilt (>= 1.3, < 3)
    thin (1.7.0)
      daemons (~> 1.0, >= 1.0.9)
      eventmachine (~> 1.0, >= 1.0.4)
      rack (>= 1, < 3)
    tilt (2.0.5)
    timers (4.0.4)
      hitimes

PLATFORMS
  ruby

DEPENDENCIES
  dotenv
  mysql2
  rubydns
  sequel
  sinatra
  thin

BUNDLED WITH
   1.13.7
